GEM
  remote: https://rubygems.org/
  specs:
    adsf (1.1.1)
      rack (>= 1.0.0)
    chunky_png (1.2.8)
    colored (1.2)
    compass (0.12.2)
      chunky_png (~> 1.2)
      fssm (>= 0.2.7)
      sass (~> 3.1)
    cri (2.4.0)
      colored (>= 1.2)
    execjs (2.0.2)
    fssm (0.2.10)
    haml (4.0.3)
      tilt
    kramdown (1.2.0)
    multi_json (1.8.1)
    nanoc (3.6.5)
      cri (~> 2.3)
    rack (1.5.2)
    sass (3.2.12)
    therubyrhino (2.0.2)
      therubyrhino_jar (>= 1.7.3)
    therubyrhino_jar (1.7.4)
    tilt (1.4.1)
    uglifier (2.2.1)
      execjs (>= 0.3.0)
      multi_json (~> 1.0, >= 1.0.2)
    zurb-foundation (4.3.2)
      sass (>= 3.2.0)

PLATFORMS
  java

DEPENDENCIES
  adsf
  compass
  haml
  kramdown
  nanoc
  sass
  therubyrhino
  uglifier
  zurb-foundation (~> 4.3.2)
