GEM
  remote: https://rubygems.org/
  specs:
    addressable (2.3.5)
    adsf (1.1.1)
      rack (>= 1.0.0)
    chunky_png (1.2.9)
    coderay (1.1.0)
    colored (1.2)
    compass (0.12.2)
      chunky_png (~> 1.2)
      fssm (>= 0.2.7)
      sass (~> 3.1)
    cri (2.4.0)
      colored (>= 1.2)
    execjs (2.0.2)
    fssm (0.2.10)
    haml (4.0.4)
      tilt
    heel (3.1.2)
      coderay (~> 1.1)
      launchy (~> 2.3)
      mime-types (~> 1.25)
      puma (~> 2.0)
    json (1.8.1-java)
    kramdown (1.2.0)
    launchy (2.3.0)
      addressable (~> 2.3)
    mime-types (1.25)
    nanoc (3.6.6)
      cri (~> 2.3)
    puma (2.6.0-java)
      rack (>= 1.1, < 2.0)
    rack (1.5.2)
    sass (3.2.12)
    systemu (2.5.2)
    therubyrhino (2.0.2)
      therubyrhino_jar (>= 1.7.3)
    therubyrhino_jar (1.7.4)
    tilt (1.4.1)
    uglifier (2.3.1)
      execjs (>= 0.3.0)
      json (>= 1.8.0)
    zurb-foundation (4.3.2)
      sass (>= 3.2.0)

PLATFORMS
  java

DEPENDENCIES
  adsf
  compass
  haml
  heel
  kramdown
  nanoc
  sass
  systemu
  therubyrhino
  uglifier
  zurb-foundation (~> 4.3.2)
