GEM
  remote: https://rubygems.org/
  specs:
    adsf (1.1.1)
      rack (>= 1.0.0)
    colored (1.2)
    cri (2.4.0)
      colored (>= 1.2)
    haml (4.0.3)
      tilt
    kramdown (1.2.0)
    nanoc (3.6.5)
      cri (~> 2.3)
    rack (1.5.2)
    sass (3.2.11)
    tilt (1.4.1)

PLATFORMS
  java

DEPENDENCIES
  adsf
  haml
  kramdown
  nanoc
  sass
