GEM
  remote: https://rubygems.org/
  specs:
    adsf (1.2.0)
      rack (>= 1.0.0)
    colored (1.2)
    cri (2.6.1)
      colored (~> 1.2)
    haml (5.0.0)
      temple (>= 0.8.0)
      tilt
    kramdown (1.5.0)
    nanoc (3.7.4)
      cri (~> 2.3)
    rack (1.6.0)
    temple (0.8.2)
    tilt (2.0.10)

PLATFORMS
  ruby

DEPENDENCIES
  adsf
  haml
  kramdown
  nanoc
